PATH
  remote: components/emails
  specs:
    emails (0.0.1)

GEM
  remote: https://resultadosdigitais.jfrog.io/resultadosdigitais/api/gems/gems/
  specs:
    actioncable (7.0.5)
      actionpack (= 7.0.5)
      activesupport (= 7.0.5)
      nio4r (~> 2.0)
      websocket-driver (>= 0.6.1)
    actionmailbox (7.0.5)
      actionpack (= 7.0.5)
      activejob (= 7.0.5)
      activerecord (= 7.0.5)
      activestorage (= 7.0.5)
      activesupport (= 7.0.5)
      mail (>= 2.7.1)
      net-imap
      net-pop
      net-smtp
    actionmailer (7.0.5)
      actionpack (= 7.0.5)
      actionview (= 7.0.5)
      activejob (= 7.0.5)
      activesupport (= 7.0.5)
      mail (~> 2.5, >= 2.5.4)
      net-imap
      net-pop
      net-smtp
      rails-dom-testing (~> 2.0)
    actionpack (7.0.5)
      actionview (= 7.0.5)
      activesupport (= 7.0.5)
      rack (~> 2.0, >= 2.2.4)
      rack-test (>= 0.6.3)
      rails-dom-testing (~> 2.0)
      rails-html-sanitizer (~> 1.0, >= 1.2.0)
    actiontext (7.0.5)
      actionpack (= 7.0.5)
      activerecord (= 7.0.5)
      activestorage (= 7.0.5)
      activesupport (= 7.0.5)
      globalid (>= 0.6.0)
      nokogiri (>= 1.8.5)
    actionview (7.0.5)
      activesupport (= 7.0.5)
      builder (~> 3.1)
      erubi (~> 1.4)
      rails-dom-testing (~> 2.0)
      rails-html-sanitizer (~> 1.1, >= 1.2.0)
    activejob (7.0.5)
      activesupport (= 7.0.5)
      globalid (>= 0.3.6)
    activemodel (7.0.5)
      activesupport (= 7.0.5)
    activerecord (7.0.5)
      activemodel (= 7.0.5)
      activesupport (= 7.0.5)
    activestorage (7.0.5)
      actionpack (= 7.0.5)
      activejob (= 7.0.5)
      activerecord (= 7.0.5)
      activesupport (= 7.0.5)
      marcel (~> 1.0)
      mini_mime (>= 1.1.0)
    activesupport (7.0.5)
      concurrent-ruby (~> 1.0, >= 1.0.2)
      i18n (>= 1.6, < 2)
      minitest (>= 5.1)
      tzinfo (~> 2.0)
    anyway_config (2.4.2)
      ruby-next-core (>= 0.14.0)
    api-auth (2.5.1)
    builder (3.2.4)
    concurrent-ruby (1.2.2)
    crass (1.0.6)
    date (3.3.3)
    debase-ruby_core_source (3.2.1)
    diff-lcs (1.5.0)
    docile (1.4.0)
    ecma-re-validator (0.4.0)
      regexp_parser (~> 2.2)
    erubi (1.12.0)
    faraday (1.10.3)
      faraday-em_http (~> 1.0)
      faraday-em_synchrony (~> 1.0)
      faraday-excon (~> 1.1)
      faraday-httpclient (~> 1.0)
      faraday-multipart (~> 1.0)
      faraday-net_http (~> 1.0)
      faraday-net_http_persistent (~> 1.0)
      faraday-patron (~> 1.0)
      faraday-rack (~> 1.0)
      faraday-retry (~> 1.0)
      ruby2_keywords (>= 0.0.4)
    faraday-em_http (1.0.0)
    faraday-em_synchrony (1.0.0)
    faraday-excon (1.1.0)
    faraday-httpclient (1.0.1)
    faraday-multipart (1.0.4)
      multipart-post (~> 2)
    faraday-net_http (1.0.1)
    faraday-net_http_persistent (1.2.0)
    faraday-patron (1.0.0)
    faraday-rack (1.0.0)
    faraday-retry (1.0.3)
    ffi (1.15.5)
    globalid (1.1.0)
      activesupport (>= 5.0)
    google-cloud-env (1.6.0)
      faraday (>= 0.17.3, < 3.0)
    google-protobuf (3.23.3-x86_64-linux)
    googleapis-common-protos-types (1.6.0)
      google-protobuf (~> 3.14)
    hana (1.3.7)
    i18n (1.14.1)
      concurrent-ruby (~> 1.0)
    json (2.6.3)
    json_schemer (0.2.25)
      ecma-re-validator (~> 0.3)
      hana (~> 1.3)
      regexp_parser (~> 2.0)
      simpleidn (~> 0.2)
      uri_template (~> 0.7)
    jwt (2.7.1)
    libdatadog (2.0.0.1.0-x86_64-linux)
    libddwaf (1.9.0.0.1-x86_64-linux)
      ffi (~> 1.0)
    loofah (2.21.3)
      crass (~> 1.0.2)
      nokogiri (>= 1.12.0)
    mail (2.8.1)
      mini_mime (>= 0.1.1)
      net-imap
      net-pop
      net-smtp
    marcel (1.0.2)
    method_source (1.0.0)
    metrics-exporter-client (2.0.3)
      zeitwerk
    microservice-toolkit (3.0.3)
      actionpack (>= 5.0, < 7.1)
      activesupport (>= 5.0, < 7.1)
      anyway_config (~> 2.1)
      api-auth (~> 2.1)
      faraday (>= 0.15.4, < 2.0)
      json_schemer (~> 0.2)
      jwt (>= 1.5.6, < 3.0)
      metrics-exporter-client (~> 2.0.1)
      opentelemetry-api (~> 1.0)
      opentelemetry-exporter-otlp (~> 0.21)
      opentelemetry-instrumentation-ethon (~> 0.19)
      opentelemetry-instrumentation-faraday (~> 0.20)
      opentelemetry-instrumentation-http (~> 0.19)
      opentelemetry-instrumentation-net_http (~> 0.19)
      opentelemetry-instrumentation-pg (~> 0.19)
      opentelemetry-instrumentation-rails (~> 0.21)
      opentelemetry-instrumentation-redis (~> 0.21)
      opentelemetry-instrumentation-sidekiq (~> 0.21)
      opentelemetry-propagator-b3
      opentelemetry-resource_detectors (~> 0.19)
      opentelemetry-sdk (~> 1.0)
      zeitwerk (> 2.3)
    mini_mime (1.1.2)
    minitest (5.18.1)
    msgpack (1.7.1)
    multipart-post (2.3.0)
    net-imap (0.3.6)
      date
      net-protocol
    net-pop (0.1.2)
      net-protocol
    net-protocol (0.2.1)
      timeout
    net-smtp (0.3.3)
      net-protocol
    nio4r (2.5.9)
    nokogiri (1.15.2-x86_64-linux)
      racc (~> 1.4)
    opentelemetry-api (1.2.0)
    opentelemetry-common (0.19.7)
      opentelemetry-api (~> 1.0)
    opentelemetry-exporter-otlp (0.25.0)
      google-protobuf (~> 3.19)
      googleapis-common-protos-types (~> 1.3)
      opentelemetry-api (~> 1.1)
      opentelemetry-common (~> 0.19.6)
      opentelemetry-sdk (~> 1.2)
      opentelemetry-semantic_conventions
    opentelemetry-instrumentation-action_pack (0.7.0)
      opentelemetry-api (~> 1.0)
      opentelemetry-instrumentation-base (~> 0.22.1)
      opentelemetry-instrumentation-rack (~> 0.21)
    opentelemetry-instrumentation-action_view (0.6.0)
      opentelemetry-api (~> 1.0)
      opentelemetry-instrumentation-active_support (~> 0.1)
      opentelemetry-instrumentation-base (~> 0.22.1)
    opentelemetry-instrumentation-active_job (0.5.1)
      opentelemetry-api (~> 1.0)
      opentelemetry-instrumentation-base (~> 0.22.1)
    opentelemetry-instrumentation-active_record (0.6.1)
      opentelemetry-api (~> 1.0)
      opentelemetry-instrumentation-base (~> 0.22.1)
      ruby2_keywords
    opentelemetry-instrumentation-active_support (0.4.1)
      opentelemetry-api (~> 1.0)
      opentelemetry-instrumentation-base (~> 0.22.1)
    opentelemetry-instrumentation-base (0.22.1)
      opentelemetry-api (~> 1.0)
      opentelemetry-registry (~> 0.1)
    opentelemetry-instrumentation-ethon (0.21.1)
      opentelemetry-api (~> 1.0)
      opentelemetry-common (~> 0.19.3)
      opentelemetry-instrumentation-base (~> 0.22.1)
    opentelemetry-instrumentation-faraday (0.23.1)
      opentelemetry-api (~> 1.0)
      opentelemetry-common (~> 0.19.3)
      opentelemetry-instrumentation-base (~> 0.22.1)
    opentelemetry-instrumentation-http (0.23.1)
      opentelemetry-api (~> 1.0)
      opentelemetry-instrumentation-base (~> 0.22.1)
    opentelemetry-instrumentation-net_http (0.22.1)
      opentelemetry-api (~> 1.0)
      opentelemetry-common (~> 0.19.3)
      opentelemetry-instrumentation-base (~> 0.22.1)
    opentelemetry-instrumentation-pg (0.25.2)
      opentelemetry-api (~> 1.0)
      opentelemetry-instrumentation-base (~> 0.22.1)
    opentelemetry-instrumentation-rack (0.23.2)
      opentelemetry-api (~> 1.0)
      opentelemetry-common (~> 0.19.3)
      opentelemetry-instrumentation-base (~> 0.22.1)
    opentelemetry-instrumentation-rails (0.27.1)
      opentelemetry-api (~> 1.0)
      opentelemetry-instrumentation-action_pack (~> 0.7.0)
      opentelemetry-instrumentation-action_view (~> 0.6.0)
      opentelemetry-instrumentation-active_job (~> 0.5.1)
      opentelemetry-instrumentation-active_record (~> 0.6.1)
      opentelemetry-instrumentation-active_support (~> 0.4.1)
      opentelemetry-instrumentation-base (~> 0.22.1)
    opentelemetry-instrumentation-redis (0.25.1)
      opentelemetry-api (~> 1.0)
      opentelemetry-common (~> 0.19.3)
      opentelemetry-instrumentation-base (~> 0.22.1)
    opentelemetry-instrumentation-sidekiq (0.24.1)
      opentelemetry-api (~> 1.0)
      opentelemetry-common (~> 0.19.3)
      opentelemetry-instrumentation-base (~> 0.22.1)
    opentelemetry-propagator-b3 (0.21.0)
      opentelemetry-api (~> 1.1)
    opentelemetry-registry (0.3.0)
      opentelemetry-api (~> 1.1)
    opentelemetry-resource_detectors (0.23.0)
      google-cloud-env
      opentelemetry-sdk (~> 1.0)
    opentelemetry-sdk (1.2.1)
      opentelemetry-api (~> 1.1)
      opentelemetry-common (~> 0.19.3)
      opentelemetry-registry (~> 0.2)
      opentelemetry-semantic_conventions
    opentelemetry-semantic_conventions (1.10.0)
      opentelemetry-api (~> 1.0)
    racc (1.7.1)
    rack (2.2.7)
    rack-test (2.1.0)
      rack (>= 1.3)
    rails-dom-testing (2.0.3)
      activesupport (>= 4.2.0)
      nokogiri (>= 1.6)
    rails-html-sanitizer (1.6.0)
      loofah (~> 2.21)
      nokogiri (~> 1.14)
    railties (7.0.5)
      actionpack (= 7.0.5)
      activesupport (= 7.0.5)
      method_source
      rake (>= 12.2)
      thor (~> 1.0)
      zeitwerk (~> 2.5)
    rake (13.0.6)
    regexp_parser (2.8.1)
    rspec-core (3.12.2)
      rspec-support (~> 3.12.0)
    rspec-expectations (3.12.3)
      diff-lcs (>= 1.2.0, < 2.0)
      rspec-support (~> 3.12.0)
    rspec-mocks (3.12.5)
      diff-lcs (>= 1.2.0, < 2.0)
      rspec-support (~> 3.12.0)
    rspec-support (3.12.0)
    ruby-next-core (0.15.3)
    ruby2_keywords (0.0.5)
    simplecov-html (0.10.2)
    simpleidn (0.2.1)
      unf (~> 0.1.4)
    thor (1.2.2)
    timeout (0.3.2)
    tzinfo (2.0.6)
      concurrent-ruby (~> 1.0)
    unf (0.1.4)
      unf_ext
    unf_ext (0.0.8.2)
    uri_template (0.7.0)
    websocket-driver (0.7.5)
      websocket-extensions (>= 0.1.0)
    websocket-extensions (0.1.5)
    zeitwerk (2.6.8)

GEM
  remote: https://rubygems.org/
  specs:
    bootsnap (1.16.0)
      msgpack (~> 1.2)
    ddtrace (1.12.1)
      debase-ruby_core_source (= 3.2.1)
      libdatadog (~> 2.0.0.1.0)
      libddwaf (~> 1.9.0.0.0)
      msgpack
    debug (1.8.0)
      irb (>= 1.5.0)
      reline (>= 0.3.1)
    io-console (0.6.0)
    irb (1.7.0)
      reline (>= 0.3.0)
    pg (1.5.3)
    puma (5.6.6)
      nio4r (~> 2.0)
    rails (7.0.5)
      actioncable (= 7.0.5)
      actionmailbox (= 7.0.5)
      actionmailer (= 7.0.5)
      actionpack (= 7.0.5)
      actiontext (= 7.0.5)
      actionview (= 7.0.5)
      activejob (= 7.0.5)
      activemodel (= 7.0.5)
      activerecord (= 7.0.5)
      activestorage (= 7.0.5)
      activesupport (= 7.0.5)
      bundler (>= 1.15.0)
      railties (= 7.0.5)
    reline (0.3.5)
      io-console (~> 0.5)
    rexml (3.2.5)
    rollbar (3.4.0)
    rspec-rails (6.0.3)
      actionpack (>= 6.1)
      activesupport (>= 6.1)
      railties (>= 6.1)
      rspec-core (~> 3.12)
      rspec-expectations (~> 3.12)
      rspec-mocks (~> 3.12)
      rspec-support (~> 3.12)
    simplecov (0.17.1)
      docile (~> 1.1)
      json (>= 1.8, < 3)
      simplecov-html (~> 0.10.0)

PLATFORMS
  x86_64-linux

DEPENDENCIES
  bootsnap
  ddtrace
  debug
  emails!
  microservice-toolkit!
  pg (~> 1.1)
  puma (~> 5.0)
  rails (~> 7.0.5)
  rexml (~> 3.2, >= 3.2.4)
  rollbar
  rspec-rails
  simplecov (= 0.17.1)
  tzinfo-data

RUBY VERSION
   ruby 3.2.2p53

BUNDLED WITH
   2.3.11
